PATH
  remote: .
  specs:
    slapshot (0.0.5)
      formatador (= 0.2.3)
      gli (= 2.4.0)
      json (= 1.7.5)
      rest-client (= 1.6.7)
      spreadsheet (= 0.7.4)

GEM
  remote: http://rubygems.org/
  specs:
    aruba (0.5.0)
      childprocess (= 0.2.3)
      cucumber (>= 1.1.1)
      ffi (>= 1.0.11)
      rspec-expectations (>= 2.7.0)
    builder (3.1.4)
    childprocess (0.2.3)
      ffi (~> 1.0.6)
    cucumber (1.2.1)
      builder (>= 2.1.2)
      diff-lcs (>= 1.1.3)
      gherkin (~> 2.11.0)
      json (>= 1.4.6)
    diff-lcs (1.1.3)
    ffi (1.0.11)
    formatador (0.2.3)
    gherkin (2.11.5)
      json (>= 1.4.6)
    gli (2.4.0)
    json (1.7.5)
    mime-types (1.19)
    rake (0.9.2.2)
    rdoc (3.12)
      json (~> 1.4)
    rest-client (1.6.7)
      mime-types (>= 1.16)
    rspec-expectations (2.11.3)
      diff-lcs (~> 1.1.3)
    ruby-ole (1.2.11.4)
    spreadsheet (0.7.4)
      ruby-ole (>= 1.0)

PLATFORMS
  ruby

DEPENDENCIES
  aruba
  rake
  rdoc
  slapshot!
